PATH
  remote: .
  specs:
    em-ucengine (0.3.0)
      em-eventsource (~> 0.1.0)
      em-http-request (~> 1.0.0)
      em-synchrony (~> 1.0.0)
      eventmachine (~> 1.0.0)
      multipart_body (~> 0.2)
      yajl-ruby (~> 0.8)

GEM
  remote: https://rubygems.org/
  specs:
    addressable (2.3.4)
    bacon (1.1.0)
    cookiejar (0.3.0)
    diff-lcs (1.1.3)
    em-eventsource (0.1.8)
      em-http-request (~> 1.0.0)
      eventmachine (~> 1.0.0.beta3)
    em-http-request (1.0.3)
      addressable (>= 2.2.3)
      cookiejar
      em-socksify
      eventmachine (>= 1.0.0.beta.4)
      http_parser.rb (>= 0.5.3)
    em-socksify (0.2.1)
      eventmachine (>= 1.0.0.beta.4)
    em-spec (0.2.5)
      bacon
      eventmachine
      rspec (~> 2.6.0)
      test-unit
    em-synchrony (1.0.3)
      eventmachine (>= 1.0.0.beta.1)
    eventmachine (1.0.3)
    http_parser.rb (0.5.3)
    minitest (2.6.0)
    multipart_body (0.2.1)
    rake (0.9.2)
    rspec (2.6.0)
      rspec-core (~> 2.6.0)
      rspec-expectations (~> 2.6.0)
      rspec-mocks (~> 2.6.0)
    rspec-core (2.6.4)
    rspec-expectations (2.6.0)
      diff-lcs (~> 1.1.2)
    rspec-mocks (2.6.0)
    test-unit (2.4.0)
    yajl-ruby (0.8.3)
    yard (0.7.2)

PLATFORMS
  ruby

DEPENDENCIES
  bundler
  em-spec
  em-ucengine!
  minitest (~> 2.0)
  rake
  yard
